PATH
  remote: .
  specs:
    substack_parser (0.1.0)
      nokogiri

GEM
  remote: https://rubygems.org/
  specs:
    csv (3.2.7)
    diff-lcs (1.5.0)
    nokogiri (1.15.4-x86_64-linux)
      racc (~> 1.4)
    racc (1.7.1)
    rake (12.3.3)
    rspec (3.12.0)
      rspec-core (~> 3.12.0)
      rspec-expectations (~> 3.12.0)
      rspec-mocks (~> 3.12.0)
    rspec-core (3.12.2)
      rspec-support (~> 3.12.0)
    rspec-expectations (3.12.3)
      diff-lcs (>= 1.2.0, < 2.0)
      rspec-support (~> 3.12.0)
    rspec-mocks (3.12.6)
      diff-lcs (>= 1.2.0, < 2.0)
      rspec-support (~> 3.12.0)
    rspec-support (3.12.1)
    rubyzip (1.2.4)

PLATFORMS
  x86_64-linux

DEPENDENCIES
  csv (~> 3.2)
  rake (~> 12.0)
  rspec (~> 3.0)
  rubyzip (~> 1.2.1)
  substack_parser!

BUNDLED WITH
   2.3.26
